GEM
  remote: https://rubygems.org/
  specs:
    activesupport (6.0.3.2)
      concurrent-ruby (~> 1.0, >= 1.0.2)
      i18n (>= 0.7, < 2)
      minitest (~> 5.1)
      tzinfo (~> 1.1)
      zeitwerk (~> 2.2, >= 2.2.2)
    addressable (2.7.0)
      public_suffix (>= 2.0.2, < 5.0)
    backports (3.18.2)
    bibtex-ruby (4.4.7)
      latex-decode (~> 0.0)
    citeproc (1.0.10)
      namae (~> 1.0)
    citeproc-ruby (1.1.12)
      citeproc (~> 1.0, >= 1.0.9)
      csl (~> 1.5)
    colorator (1.1.0)
    concurrent-ruby (1.1.7)
    csl (1.5.1)
      namae (~> 1.0)
    csl-styles (1.0.1.10)
      csl (~> 1.0)
    em-websocket (0.5.1)
      eventmachine (>= 0.12.9)
      http_parser.rb (~> 0.6.0)
    eventmachine (1.2.7)
    execjs (2.7.0)
    exifr (1.3.6)
    faraday (1.0.1)
      multipart-post (>= 1.2, < 3)
    ffi (1.13.1)
    forwardable-extended (2.6.0)
    gemoji (3.0.1)
    html-pipeline (2.14.0)
      activesupport (>= 2)
      nokogiri (>= 1.4)
    http_parser.rb (0.6.0)
    i18n (0.9.5)
      concurrent-ruby (~> 1.0)
    jekyll (3.7.4)
      addressable (~> 2.4)
      colorator (~> 1.0)
      em-websocket (~> 0.5)
      i18n (~> 0.7)
      jekyll-sass-converter (~> 1.0)
      jekyll-watch (~> 2.0)
      kramdown (~> 1.14)
      liquid (~> 4.0)
      mercenary (~> 0.3.3)
      pathutil (~> 0.9)
      rouge (>= 1.7, < 4)
      safe_yaml (~> 1.0)
    jekyll-admin (0.10.2)
      jekyll (>= 3.7, < 5.0)
      sinatra (~> 1.4)
      sinatra-contrib (~> 1.4)
    jekyll-feed (0.15.0)
      jekyll (>= 3.7, < 5.0)
    jekyll-gallery-generator (1.2.2)
      exifr (~> 1.3)
      rmagick (~> 2.12)
    jekyll-gist (1.5.0)
      octokit (~> 4.2)
    jekyll-plantuml (1.3.4)
      jekyll (> 2.0)
    jekyll-responsive_image (1.0.1)
      jekyll (>= 2.0, < 4.0)
      rmagick (>= 2.0, < 3.0)
    jekyll-sass-converter (1.5.2)
      sass (~> 3.4)
    jekyll-scholar (5.16.0)
      bibtex-ruby (~> 4.0, >= 4.0.13)
      citeproc-ruby (~> 1.0)
      csl-styles (~> 1.0)
      jekyll (~> 3.0)
    jekyll-seo-tag (2.6.1)
      jekyll (>= 3.3, < 5.0)
    jekyll-toc (0.13.1)
      jekyll (>= 3.7)
      nokogiri (~> 1.9)
    jekyll-watch (2.2.1)
      listen (~> 3.0)
    jekyll-youtube (1.0.0)
      jekyll
    jekyll_github_sample (0.3.2)
      activesupport (>= 4.0, < 7.0)
      jekyll (>= 3.0, < 5.0)
    jemoji (0.12.0)
      gemoji (~> 3.0)
      html-pipeline (~> 2.2)
      jekyll (>= 3.0, < 5.0)
    kramdown (1.17.0)
    latex-decode (0.3.1)
    liquid (4.0.3)
    listen (3.2.1)
      rb-fsevent (~> 0.10, >= 0.10.3)
      rb-inotify (~> 0.9, >= 0.9.10)
    mercenary (0.3.6)
    mini_portile2 (2.5.0)
    minima (2.5.1)
      jekyll (>= 3.5, < 5.0)
      jekyll-feed (~> 0.9)
      jekyll-seo-tag (~> 2.1)
    minitest (5.14.2)
    multi_json (1.15.0)
    multipart-post (2.1.1)
    namae (1.0.1)
    nokogiri (1.11.1)
      mini_portile2 (~> 2.5.0)
      racc (~> 1.4)
    octokit (4.18.0)
      faraday (>= 0.9)
      sawyer (~> 0.8.0, >= 0.5.3)
    pathutil (0.16.2)
      forwardable-extended (~> 2.6)
    public_suffix (4.0.6)
    racc (1.5.2)
    rack (1.6.13)
    rack-protection (1.5.5)
      rack
    rack-test (1.1.0)
      rack (>= 1.0, < 3)
    rb-fsevent (0.10.4)
    rb-inotify (0.10.1)
      ffi (~> 1.0)
    rmagick (2.16.0)
    rouge (3.22.0)
    safe_yaml (1.0.5)
    sass (3.7.4)
    sawyer (0.8.2)
      addressable (>= 2.3.5)
      faraday (> 0.8, < 2.0)
    sinatra (1.4.8)
      rack (~> 1.5)
      rack-protection (~> 1.4)
      tilt (>= 1.3, < 3)
    sinatra-contrib (1.4.7)
      backports (>= 2.0)
      multi_json
      rack-protection
      rack-test
      sinatra (~> 1.4.0)
      tilt (>= 1.3, < 3)
    thread_safe (0.3.6)
    tilt (2.0.10)
    tzinfo (1.2.7)
      thread_safe (~> 0.1)
    uglifier (4.2.0)
      execjs (>= 0.3.0, < 3)
    zeitwerk (2.4.0)

PLATFORMS
  ruby

DEPENDENCIES
  eventmachine (~> 1.2, >= 1.2.7)
  exifr
  jekyll (~> 3.7.0)
  jekyll-admin
  jekyll-feed (~> 0.6)
  jekyll-gallery-generator
  jekyll-gist
  jekyll-plantuml
  jekyll-responsive_image
  jekyll-scholar
  jekyll-toc
  jekyll-watch
  jekyll-youtube
  jekyll_github_sample
  jemoji
  kramdown
  minima (~> 2.0)
  rmagick
  rouge
  tzinfo-data
  uglifier

BUNDLED WITH
   1.16.1
